GEM
  remote: https://rubygems.org/
  specs:
    awesome_print (1.8.0)
    chronic (0.10.2)
    httparty (0.16.4)
      mime-types (~> 3.0)
      multi_xml (>= 0.5.2)
    mime-types (3.2.2)
      mime-types-data (~> 3.2015)
    mime-types-data (3.2018.0812)
    multi_xml (0.6.0)
    rake (12.3.2)
    whenever (0.10.0)
      chronic (>= 0.6.3)

PLATFORMS
  ruby

DEPENDENCIES
  awesome_print
  httparty
  rake
  whenever

BUNDLED WITH
   2.0.1
