GEM
  remote: https://rubygems.org/
  specs:
    airbrussh (1.3.1)
      sshkit (>= 1.6.1, != 1.7.0)
    awesome_print (1.8.0)
    capistrano (3.11.0)
      airbrussh (>= 1.0.0)
      i18n
      rake (>= 10.0.0)
      sshkit (>= 1.9.0)
    capistrano-bundler (1.5.0)
      capistrano (~> 3.1)
    capistrano-rvm (0.1.2)
      capistrano (~> 3.0)
      sshkit (~> 1.2)
    chronic (0.10.2)
    concurrent-ruby (1.1.4)
    httparty (0.16.4)
      mime-types (~> 3.0)
      multi_xml (>= 0.5.2)
    i18n (1.5.3)
      concurrent-ruby (~> 1.0)
    mime-types (3.2.2)
      mime-types-data (~> 3.2015)
    mime-types-data (3.2018.0812)
    multi_xml (0.6.0)
    net-scp (1.2.1)
      net-ssh (>= 2.6.5)
    net-ssh (5.1.0)
    rake (12.3.2)
    sshkit (1.18.2)
      net-scp (>= 1.1.2)
      net-ssh (>= 2.8.0)
    whenever (0.10.0)
      chronic (>= 0.6.3)

PLATFORMS
  ruby

DEPENDENCIES
  awesome_print
  bundler
  capistrano
  capistrano-bundler
  capistrano-rvm
  httparty
  rake
  whenever

BUNDLED WITH
   2.0.1
